GEM
  remote: https://rubygems.org/
  specs:
    concurrent-ruby (1.1.10)
    envyable (1.2.0)
      thor (>= 0.18.1, < 2.0)
    eventmachine (1.2.7)
    faraday (2.7.1)
      faraday-net_http (>= 2.0, < 3.1)
      ruby2_keywords (>= 0.0.4)
    faraday-net_http (3.0.2)
    faye-websocket (0.11.1)
      eventmachine (>= 0.12.0)
      websocket-driver (>= 0.5.1)
    has-guarded-handlers (1.6.3)
    jwt (2.5.0)
    logger (1.5.2)
    mustermann (2.0.2)
      ruby2_keywords (~> 0.0.1)
    nio4r (2.5.8)
    nokogiri (1.13.10-x86_64-linux)
      racc (~> 1.4)
    puma (6.0.0)
      nio4r (~> 2.0)
    racc (1.6.1)
    rack (2.2.4)
    rack-protection (2.2.3)
      rack
    ruby2_keywords (0.0.5)
    shotgun (0.9.2)
      rack (>= 1.0)
    signalwire (2.3.4)
      concurrent-ruby (~> 1.1)
      faye-websocket (~> 0.10)
      has-guarded-handlers (~> 1.6.3)
      logger (~> 1.3)
      twilio-ruby (~> 5.0)
    sinatra (2.2.3)
      mustermann (~> 2.0)
      rack (~> 2.2)
      rack-protection (= 2.2.3)
      tilt (~> 2.0)
    thor (1.2.1)
    tilt (2.0.11)
    twilio-ruby (5.73.4)
      faraday (>= 0.9, < 3.0)
      jwt (>= 1.5, <= 2.5)
      nokogiri (>= 1.6, < 2.0)
    websocket-driver (0.7.5)
      websocket-extensions (>= 0.1.0)
    websocket-extensions (0.1.5)

PLATFORMS
  x86_64-linux

DEPENDENCIES
  envyable (~> 1.2)
  puma (~> 6.0)
  shotgun (~> 0.9.2)
  signalwire (~> 2.3, >= 2.3.4)
  sinatra (~> 2.0)

BUNDLED WITH
   2.2.3
